PATH
  remote: .
  specs:
    hwf_hmrc_api (0.2.10)
      httparty (~> 0.22.0)
      rotp (~> 6.3.0)
      uuid (~> 2.3.9)

GEM
  remote: https://rubygems.org/
  specs:
    addressable (2.8.7)
      public_suffix (>= 2.0.2, < 7.0)
    ast (2.4.2)
    base64 (0.2.0)
    bigdecimal (3.1.8)
    coderay (1.1.3)
    crack (1.0.0)
      bigdecimal
      rexml
    csv (3.3.0)
    diff-lcs (1.5.1)
    hashdiff (1.1.0)
    httparty (0.22.0)
      csv
      mini_mime (>= 1.0.0)
      multi_xml (>= 0.5.2)
    json (2.7.2)
    language_server-protocol (3.17.0.3)
    macaddr (1.7.2)
      systemu (~> 2.6.5)
    method_source (1.1.0)
    mini_mime (1.1.5)
    multi_xml (0.7.1)
      bigdecimal (~> 3.1)
    parallel (1.25.1)
    parser (3.3.4.0)
      ast (~> 2.4.1)
      racc
    pry (0.14.2)
      coderay (~> 1.1)
      method_source (~> 1.0)
    public_suffix (6.0.1)
    racc (1.8.1)
    rainbow (3.1.1)
    rake (13.2.1)
    regexp_parser (2.9.2)
    rexml (3.3.4)
      strscan
    rotp (6.3.0)
    rspec (3.13.0)
      rspec-core (~> 3.13.0)
      rspec-expectations (~> 3.13.0)
      rspec-mocks (~> 3.13.0)
    rspec-core (3.13.0)
      rspec-support (~> 3.13.0)
    rspec-expectations (3.13.1)
      diff-lcs (>= 1.2.0, < 2.0)
      rspec-support (~> 3.13.0)
    rspec-mocks (3.13.1)
      diff-lcs (>= 1.2.0, < 2.0)
      rspec-support (~> 3.13.0)
    rspec-support (3.13.1)
    rubocop (1.65.1)
      json (~> 2.3)
      language_server-protocol (>= 3.17.0)
      parallel (~> 1.10)
      parser (>= 3.3.0.2)
      rainbow (>= 2.2.2, < 4.0)
      regexp_parser (>= 2.4, < 3.0)
      rexml (>= 3.2.5, < 4.0)
      rubocop-ast (>= 1.31.1, < 2.0)
      ruby-progressbar (~> 1.7)
      unicode-display_width (>= 2.4.0, < 3.0)
    rubocop-ast (1.31.3)
      parser (>= 3.3.1.0)
    rubocop-capybara (2.21.0)
      rubocop (~> 1.41)
    rubocop-factory_bot (2.26.1)
      rubocop (~> 1.61)
    rubocop-rspec (2.31.0)
      rubocop (~> 1.40)
      rubocop-capybara (~> 2.17)
      rubocop-factory_bot (~> 2.22)
      rubocop-rspec_rails (~> 2.28)
    rubocop-rspec_rails (2.29.1)
      rubocop (~> 1.61)
    ruby-progressbar (1.13.0)
    strscan (3.1.0)
    systemu (2.6.5)
    timecop (0.9.10)
    unicode-display_width (2.5.0)
    uuid (2.3.9)
      macaddr (~> 1.0)
    vcr (6.2.0)
    webmock (3.23.1)
      addressable (>= 2.8.0)
      crack (>= 0.3.2)
      hashdiff (>= 0.4.0, < 2.0.0)

PLATFORMS
  arm64-darwin-20
  ruby

DEPENDENCIES
  base64
  hwf_hmrc_api!
  pry
  rake (~> 13.0)
  rspec (~> 3.12)
  rubocop (~> 1.38)
  rubocop-rspec (~> 2.15)
  timecop (~> 0.9.5)
  vcr
  webmock (~> 3.18)

BUNDLED WITH
   2.5.15
